GEM
  remote: https://rubygems.org/
  specs:
    activesupport (7.1.3.4)
      base64
      bigdecimal
      concurrent-ruby (~> 1.0, >= 1.0.2)
      connection_pool (>= 2.2.5)
      drb
      i18n (>= 1.6, < 2)
      minitest (>= 5.1)
      mutex_m
      tzinfo (~> 2.0)
    addressable (2.8.6)
      public_suffix (>= 2.0.2, < 6.0)
    base64 (0.2.0)
    bigdecimal (3.1.8)
    capybara (3.40.0)
      addressable
      matrix
      mini_mime (>= 0.1.3)
      nokogiri (~> 1.11)
      rack (>= 1.6.0)
      rack-test (>= 0.6.3)
      regexp_parser (>= 1.5, < 3.0)
      xpath (~> 3.2)
    concurrent-ruby (1.3.1)
    connection_pool (2.4.1)
    dotenv (3.1.2)
    drb (2.2.1)
    faraday (2.9.0)
      faraday-net_http (>= 2.0, < 3.2)
    faraday-mashify (0.1.1)
      faraday (~> 2.0)
      hashie
    faraday-net_http (3.1.0)
      net-http
    faraday_curl (0.0.2)
      faraday (>= 0.9.0)
    hashie (5.0.0)
    i18n (1.14.5)
      concurrent-ruby (~> 1.0)
    logger (1.6.0)
    matrix (0.4.2)
    mini_mime (1.1.5)
    mini_portile2 (2.8.6)
    minitest (5.23.1)
    mutex_m (0.2.0)
    net-http (0.4.1)
      uri
    nokogiri (1.16.5)
      mini_portile2 (~> 2.8.2)
      racc (~> 1.4)
    pixela (3.3.0)
      faraday (>= 2.0.0)
      faraday-mashify
      faraday_curl
    public_suffix (5.0.4)
    racc (1.7.3)
    rack (3.0.10)
    rack-test (2.1.0)
      rack (>= 1.3)
    rake (13.2.1)
    regexp_parser (2.9.0)
    rexml (3.3.2)
      strscan
    rubyzip (2.3.2)
    selenium-webdriver (4.23.0)
      base64 (~> 0.2)
      logger (~> 1.4)
      rexml (~> 3.2, >= 3.2.5)
      rubyzip (>= 1.2.2, < 3.0)
      websocket (~> 1.0)
    strscan (3.1.0)
    tzinfo (2.0.6)
      concurrent-ruby (~> 1.0)
    uri (0.13.0)
    websocket (1.2.11)
    xpath (3.2.0)
      nokogiri (~> 1.8)

PLATFORMS
  ruby

DEPENDENCIES
  activesupport
  capybara
  dotenv
  pixela
  rake
  selenium-webdriver

BUNDLED WITH
   2.5.3
